GEM
  remote: http://rubygems.org/
  remote: http://gemcutter.org/
  specs:
    addressable (2.2.4)
    async-rack (0.5.1)
      rack (~> 1.1)
    backports (1.18.2)
    big_band (0.5.0)
      async-rack (~> 0.5.0)
      haml-more (~> 0.5.0)
      monkey-lib (~> 0.5.0)
      rack-flash (>= 0.1.1)
      sinatra-advanced-routes (~> 0.5.0)
      sinatra-compass (~> 0.5.0)
      sinatra-config-file (~> 0.5.0)
      sinatra-default_charset (>= 0.2.0)
      sinatra-extension (~> 0.5.0)
      sinatra-more-server (~> 0.5.0)
      sinatra-namespace (~> 0.5.0)
      sinatra-reloader (~> 0.5.0)
      sinatra-sugar (~> 0.5.0)
      sinatra-test-helper (~> 0.5.0)
      yard-sinatra (~> 0.5.0)
    compass (0.10.6)
      haml (>= 3.0.4)
    data_objects (0.10.1)
      addressable (~> 2.1)
    dm-core (0.10.1)
      addressable (~> 2.1)
      extlib (~> 0.9.13)
    do_mysql (0.10.1-x86-mingw32)
      data_objects (= 0.10.1)
    do_mysql (0.10.1-x86-mswin32)
      data_objects (= 0.10.1)
    do_postgres (0.10.1-x86-mingw32)
      data_objects (= 0.10.1)
    do_postgres (0.10.1-x86-mswin32)
      data_objects (= 0.10.1)
    extlib (0.9.15)
    haml (3.0.25)
    haml-more (0.5.1)
      haml (>= 2.2.20)
      monkey-lib (~> 0.5.2)
    monkey-lib (0.5.4)
      backports
    rack (1.2.1)
    rack-flash (0.1.1)
      rack
    sinatra (1.1.2)
      rack (~> 1.1)
      tilt (~> 1.2)
    sinatra-advanced-routes (0.5.1)
      monkey-lib (~> 0.5.0)
      sinatra (~> 1.0)
      sinatra-sugar (~> 0.5.0)
    sinatra-compass (0.5.0)
      compass (>= 0.8.17)
      haml-more (~> 0.5.0)
      monkey-lib (~> 0.5.0)
      sinatra (~> 1.0)
      sinatra-sugar (~> 0.5.0)
    sinatra-config-file (0.5.0)
      sinatra (~> 1.0)
      sinatra-sugar (~> 0.5.0)
    sinatra-default_charset (0.2.0)
      sinatra (>= 1.0)
    sinatra-extension (0.5.0)
      monkey-lib (~> 0.5.0)
      sinatra (~> 1.0)
      sinatra-sugar (~> 0.5.0)
    sinatra-more-server (0.5.0)
      sinatra (~> 1.0)
    sinatra-namespace (0.5.1)
      monkey-lib (~> 0.5.2)
      sinatra (~> 1.0)
      sinatra-sugar (~> 0.5.0)
    sinatra-reloader (0.5.0)
      sinatra (~> 1.0)
      sinatra-advanced-routes (~> 0.5.0)
    sinatra-sugar (0.5.0)
      monkey-lib (~> 0.5.0)
      sinatra (~> 1.0)
    sinatra-test-helper (0.5.0)
      monkey-lib (~> 0.5.0)
      sinatra (~> 1.0)
      sinatra-sugar (~> 0.5.0)
    tilt (1.2.2)
    yard (0.6.4)
    yard-sinatra (0.5.1)
      yard (~> 0.6.0)

PLATFORMS
  x86-mingw32
  x86-mswin32

DEPENDENCIES
  big_band (= 0.5.0)
  data_objects (= 0.10.1)
  dm-core (= 0.10.1)
  do_mysql (= 0.10.1)
  do_postgres (= 0.10.1)
  sinatra (= 1.1.2)
